PATH
  remote: .
  specs:
    sidekiq (0.1.0)
      celluloid
      connection_pool
      multi_json
      redis

GEM
  remote: http://rubygems.org/
  specs:
    celluloid (0.7.2)
    connection_pool (0.1.0)
    minitest (2.10.0)
    multi_json (1.0.4)
    rake (0.9.2.2)
    redis (2.2.2)
    simplecov (0.5.4)
      multi_json (~> 1.0.3)
      simplecov-html (~> 0.5.3)
    simplecov-html (0.5.3)

PLATFORMS
  java
  ruby

DEPENDENCIES
  minitest
  rake
  sidekiq!
  simplecov
